GIT
  remote: https://github.com/seuros/capistrano-puma
  revision: 2cc11846540489edda10d83e026c9bea04e6fab1
  specs:
    capistrano3-puma (6.0.0.beta.1)
      capistrano (~> 3.7)
      capistrano-bundler
      puma (>= 5.1, < 7.0)

GEM
  remote: https://rubygems.org/
  specs:
    airbrussh (1.5.0)
      sshkit (>= 1.6.1, != 1.7.0)
    bcrypt_pbkdf (1.1.0)
    capistrano (3.18.0)
      airbrussh (>= 1.0.0)
      i18n
      rake (>= 10.0.0)
      sshkit (>= 1.9.0)
    capistrano-bundler (2.1.0)
      capistrano (~> 3.1)
    concurrent-ruby (1.2.2)
    ed25519 (1.3.0)
    i18n (1.14.1)
      concurrent-ruby (~> 1.0)
    mustermann (3.0.0)
      ruby2_keywords (~> 0.0.1)
    mutex_m (0.2.0)
    net-scp (4.0.0)
      net-ssh (>= 2.6.5, < 8.0.0)
    net-ssh (7.2.1)
    nio4r (2.7.0)
    puma (6.4.0)
      nio4r (~> 2.0)
    rack (2.2.8)
    rack-protection (3.1.0)
      rack (~> 2.2, >= 2.2.4)
    rake (13.1.0)
    ruby2_keywords (0.0.5)
    sinatra (3.1.0)
      mustermann (~> 3.0)
      rack (~> 2.2, >= 2.2.4)
      rack-protection (= 3.1.0)
      tilt (~> 2.0)
    sshkit (1.21.7)
      mutex_m
      net-scp (>= 1.1.2)
      net-ssh (>= 2.8.0)
    tilt (2.3.0)

PLATFORMS
  arm64-darwin-23

DEPENDENCIES
  bcrypt_pbkdf
  bundler
  capistrano
  capistrano3-puma!
  ed25519
  puma
  sinatra

BUNDLED WITH
   2.2.33
